GEM
  remote: https://rubygems.org/
  specs:
    activemodel (5.2.1)
      activesupport (= 5.2.1)
    activerecord (5.2.1)
      activemodel (= 5.2.1)
      activesupport (= 5.2.1)
      arel (>= 9.0)
    activesupport (5.2.1)
      concurrent-ruby (~> 1.0, >= 1.0.2)
      i18n (>= 0.7, < 2)
      minitest (~> 5.1)
      tzinfo (~> 1.1)
    arel (9.0.0)
    authlogic (4.4.2)
      activerecord (>= 4.2, < 5.3)
      activesupport (>= 4.2, < 5.3)
      request_store (~> 1.0)
      scrypt (>= 1.2, < 4.0)
    backports (3.11.4)
    byebug (10.0.2)
    coderay (1.1.2)
    concurrent-ruby (1.0.5)
    database_cleaner (1.7.0)
    diff-lcs (1.3)
    faraday (0.15.3)
      multipart-post (>= 1.2, < 3)
    ffi (1.9.25)
    ffi-compiler (1.0.1)
      ffi (>= 1.0.0)
      rake
    i18n (1.1.1)
      concurrent-ruby (~> 1.0)
    json (2.1.0)
    method_source (0.9.1)
    minitest (5.11.3)
    multi_json (1.13.1)
    multipart-post (2.0.0)
    mustermann (1.0.3)
    power_assert (1.1.3)
    pry (0.12.0)
      coderay (~> 1.1.0)
      method_source (~> 0.9.0)
    pry-byebug (3.6.0)
      byebug (~> 10.0)
      pry (~> 0.10)
    rack (2.0.5)
    rack-minitest (0.0.10)
      json
      minitest (~> 5.0)
      rack-test
    rack-protection (2.0.4)
      rack
    rack-test (1.1.0)
      rack (>= 1.0, < 3)
    rake (12.3.1)
    request_store (1.4.1)
      rack (>= 1.4)
    rspec (3.8.0)
      rspec-core (~> 3.8.0)
      rspec-expectations (~> 3.8.0)
      rspec-mocks (~> 3.8.0)
    rspec-core (3.8.0)
      rspec-support (~> 3.8.0)
    rspec-expectations (3.8.2)
      diff-lcs (>= 1.2.0, < 2.0)
      rspec-support (~> 3.8.0)
    rspec-mocks (3.8.0)
      diff-lcs (>= 1.2.0, < 2.0)
      rspec-support (~> 3.8.0)
    rspec-support (3.8.0)
    scrypt (3.0.6)
      ffi-compiler (>= 1.0, < 2.0)
    sinatra (2.0.4)
      mustermann (~> 1.0)
      rack (~> 2.0)
      rack-protection (= 2.0.4)
      tilt (~> 2.0)
    sinatra-activerecord (2.0.13)
      activerecord (>= 3.2)
      sinatra (>= 1.0)
    sinatra-contrib (2.0.4)
      activesupport (>= 4.0.0)
      backports (>= 2.8.2)
      multi_json
      mustermann (~> 1.0)
      rack-protection (= 2.0.4)
      sinatra (= 2.0.4)
      tilt (>= 1.3, < 3)
    sqlite3 (1.3.13)
    test-unit (3.2.8)
      power_assert
    thread_safe (0.3.6)
    tilt (2.0.8)
    tzinfo (1.2.5)
      thread_safe (~> 0.1)

PLATFORMS
  ruby

DEPENDENCIES
  activerecord
  activesupport
  authlogic
  database_cleaner
  faraday
  minitest
  pry-byebug
  rack-minitest
  rack-test
  rake
  rspec
  sinatra
  sinatra-activerecord
  sinatra-contrib
  sqlite3
  test-unit

BUNDLED WITH
   1.17.1
